PATH
  remote: .
  specs:
    greeter (0.0.0)
      soap (= 1.0.2)

GEM
  remote: http://rubygems.org/
  specs:
    soap (1.0.2)

PLATFORMS
  ruby

DEPENDENCIES
  greeter!

BUNDLED WITH
   1.15.4
